STORAGE: NONE
RESTRICTION: == net5.0
NUGET
  remote: https://api.nuget.org/v3/index.json
    DotNetZip (1.16)
      System.Security.Permissions (>= 4.7)
      System.Text.Encoding.CodePages (>= 4.7.1)
    FSharp.Configuration (2.0)
      FSharp.Core (>= 4.7)
    FSharp.Core (6.0.1)
    FSharp.Data (4.2.6)
      FSharp.Core (>= 4.7.2)
    Microsoft.Win32.SystemEvents (6.0)
    Spectre.Console (0.43)
    System.Drawing.Common (6.0)
      Microsoft.Win32.SystemEvents (>= 6.0)
    System.Runtime.CompilerServices.Unsafe (6.0)
    System.Security.AccessControl (6.0)
      System.Security.Principal.Windows (>= 5.0)
    System.Security.Permissions (6.0)
      System.Security.AccessControl (>= 6.0)
      System.Windows.Extensions (>= 6.0)
    System.Security.Principal.Windows (5.0)
    System.Text.Encoding.CodePages (6.0)
      System.Runtime.CompilerServices.Unsafe (>= 6.0)
    System.Windows.Extensions (6.0)
      System.Drawing.Common (>= 6.0)
